GEM
  remote: https://rubygems.org/
  specs:
    colorator (0.1)
    rake (10.0.4)

PLATFORMS
  ruby

DEPENDENCIES
  colorator
  rake
